GEM
  remote: https://rubygems.org/
  specs:
    rubykaigi-via-extconf (1.0.1)

PLATFORMS
  ruby

DEPENDENCIES
  rubykaigi-via-extconf

BUNDLED WITH
   2.0.1
